GEM
  remote: https://rubygems.org/
  specs:
    dotenv (2.2.1)
    json (2.1.0)
    mini_portile2 (2.2.0)
    nokogiri (1.8.0)
      mini_portile2 (~> 2.2.0)

PLATFORMS
  ruby

DEPENDENCIES
  dotenv
  json
  nokogiri

BUNDLED WITH
   1.11.2
